PATH
  remote: .
  specs:
    mina-faye (0.1.0)
      mina

GEM
  remote: http://www.rubygems.org/
  specs:
    mina (0.3.0)
      open4
      rake
    open4 (1.3.4)
    rake (10.3.2)

PLATFORMS
  ruby

DEPENDENCIES
  mina-faye!
